GEM
  remote: https://rubygems.org/
  specs:
    RedCloth (4.2.9)
    blankslate (3.1.3)
    diff-lcs (1.2.5)
    directory_watcher (1.5.1)
    ffi (1.0.11)
    github-markdown (0.6.9)
    github-markup (0.7.5)
    gollum (1.4.3)
      github-markdown
      github-markup (>= 0.7.0, < 1.0.0)
      grit (~> 2.4.1)
      mustache (>= 0.11.2, < 1.0.0)
      nokogiri (~> 1.4)
      posix-spawn (~> 0.3.0)
      pygments.rb (~> 0.2.0)
      sanitize (~> 2.0.0)
      sinatra (~> 1.0)
    gollum-site (0.1.12)
      directory_watcher
      gollum (= 1.4.3)
      liquid (>= 2.2.2)
      mixlib-log (>= 1.1.0)
    grit (2.4.1)
      diff-lcs (~> 1.1)
      mime-types (~> 1.15)
    liquid (3.0.6)
    mime-types (1.25.1)
    mini_portile2 (2.4.0)
    mixlib-log (1.6.0)
    mustache (0.99.8)
    nokogiri (1.10.5)
      mini_portile2 (~> 2.4.0)
    posix-spawn (0.3.11)
    pygments.rb (0.2.13)
      rubypython (~> 0.5.3)
    rack (1.6.4)
    rack-protection (1.5.3)
      rack
    rubypython (0.5.3)
      blankslate (>= 2.1.2.3)
      ffi (~> 1.0.7)
    sanitize (2.0.6)
      nokogiri (>= 1.4.4)
    sinatra (1.4.6)
      rack (~> 1.4)
      rack-protection (~> 1.4)
      tilt (>= 1.3, < 3)
    thor (0.19.1)
    tilt (2.0.1)

PLATFORMS
  ruby

DEPENDENCIES
  RedCloth
  gollum-site
  thor

BUNDLED WITH
   1.11.0
